GEM
  remote: https://rubygems.org/
  specs:
    actionmailer (2.3.14)
      actionpack (= 2.3.14)
    actionpack (2.3.14)
      activesupport (= 2.3.14)
      rack (~> 1.1.0)
    activerecord (2.3.14)
      activesupport (= 2.3.14)
    activeresource (2.3.14)
      activesupport (= 2.3.14)
    activesupport (2.3.14)
    aws-s3 (0.6.2)
      builder
      mime-types
      xml-simple
    builder (3.0.0)
    exceptional (2.0.32)
      rack
    facebooker (1.0.75)
      json_pure (>= 1.0.0)
    fastercsv (1.5.4)
    haml (5.0.0)
      temple (>= 0.8.0)
      tilt
    intercession (2.0.0)
    json_pure (1.6.4)
    mime-types (1.17.2)
    mysql (2.8.1)
    newrelic_rpm (3.3.1)
    rack (1.1.2)
    rails (2.3.14)
      actionmailer (= 2.3.14)
      actionpack (= 2.3.14)
      activerecord (= 2.3.14)
      activeresource (= 2.3.14)
      activesupport (= 2.3.14)
      rake (>= 0.8.3)
    rake (0.9.2.2)
    rdiscount (1.6.8)
    rest-client (1.6.7)
      mime-types (>= 1.16)
    sequel (3.20.0)
    sinatra (1.0)
      rack (>= 1.0)
    sqlite3 (1.3.5)
    sqlite3-ruby (1.3.3)
      sqlite3 (>= 1.3.3)
    taps (0.3.23)
      rack (>= 1.0.1)
      rest-client (>= 1.4.0, < 1.7.0)
      sequel (~> 3.20.0)
      sinatra (~> 1.0.0)
      sqlite3-ruby (~> 1.2)
    temple (0.8.2)
    tilt (2.0.10)
    will_paginate (2.3.16)
    xml-simple (1.1.1)

PLATFORMS
  ruby

DEPENDENCIES
  aws-s3
  exceptional (~> 2.0)
  facebooker
  fastercsv
  haml (= 5.0.0)
  intercession (~> 2.0)
  mysql
  newrelic_rpm
  rack (= 1.1.2)
  rails (= 2.3.14)
  rdiscount
  sqlite3-ruby
  taps
  will_paginate (~> 2.3)
